GEM
  remote: https://rubygems.org/
  specs:
    rufus-scheduler (3.2.2)

PLATFORMS
  ruby

DEPENDENCIES
  rufus-scheduler

BUNDLED WITH
   1.12.5
